GEM
  remote: https://rubygems.org/
  specs:
    ast (2.3.0)
    lazy_priority_queue (0.1.1)
    parser (2.4.0.0)
      ast (~> 2.2)
    powerpack (0.1.1)
    rainbow (2.2.1)
    rgl (0.5.2)
      lazy_priority_queue (~> 0.1.0)
      stream (~> 0.5.0)
    rubocop (0.47.1)
      parser (>= 2.3.3.1, < 3.0)
      powerpack (~> 0.1)
      rainbow (>= 1.99.1, < 3.0)
      ruby-progressbar (~> 1.7)
      unicode-display_width (~> 1.0, >= 1.0.1)
    ruby-progressbar (1.8.1)
    stream (0.5)
    unicode-display_width (1.1.3)

PLATFORMS
  ruby

DEPENDENCIES
  rgl
  rubocop

BUNDLED WITH
   1.14.5
